PATH
  remote: .
  specs:
    rails_execution (0.1.0)

GEM
  remote: https://rubygems.org/
  specs:
    haml (5.2.2)
      temple (>= 0.8.0)
      tilt
    rake (13.0.6)
    temple (0.8.2)
    tilt (2.0.11)

PLATFORMS
  ruby

DEPENDENCIES
  haml
  rails_execution!
  rake (~> 13.0)

BUNDLED WITH
   2.1.2
